GEM
  remote: https://rubygems.org/
  specs:
    timecop (0.8.1)

PLATFORMS
  ruby

DEPENDENCIES
  timecop (~> 0.8.0)

BUNDLED WITH
   1.11.2
